GEM
  remote: https://rubygems.org/
  specs:
    jwt (2.3.0)

PLATFORMS
  x86_64-darwin-20

DEPENDENCIES
  jwt

BUNDLED WITH
   2.2.3
